GEM
  remote: https://rubygems.org/
  specs:
    coderay (1.1.1)
    httparty (0.15.5)
      multi_xml (>= 0.5.2)
    method_source (0.8.2)
    mini_portile2 (2.2.0)
    multi_xml (0.6.0)
    nokogiri (1.8.0)
      mini_portile2 (~> 2.2.0)
    pry (0.10.4)
      coderay (~> 1.1.0)
      method_source (~> 0.8.1)
      slop (~> 3.4)
    slop (3.6.0)

PLATFORMS
  ruby

DEPENDENCIES
  httparty (~> 0.15.5)
  nokogiri (~> 1.8)
  pry (~> 0.10.4)

BUNDLED WITH
   1.14.4
